PATH
  remote: .
  specs:
    USASearch (0.0)
      faraday (~> 0.5.3)
      faraday_middleware (~> 0.3.0)
      hashie (~> 0.4.0)
      multi_json (~> 0.0.5)
      multi_xml (~> 0.2.0)

GEM
  remote: http://rubygems.org/
  specs:
    ZenTest (4.5.0)
    addressable (2.2.5)
    crack (0.1.8)
    diff-lcs (1.1.2)
    faraday (0.5.7)
      addressable (~> 2.2.4)
      multipart-post (~> 1.1.0)
      rack (< 2, >= 1.1.0)
    faraday_middleware (0.3.2)
      faraday (~> 0.5.4)
    hashie (0.4.0)
    json (1.5.1)
    maruku (0.6.0)
      syntax (>= 1.0.0)
    multi_json (0.0.5)
    multi_xml (0.2.2)
    multipart-post (1.1.1)
    nokogiri (1.4.4)
    rack (1.2.2)
    rake (0.8.7)
    rspec (2.5.0)
      rspec-core (~> 2.5.0)
      rspec-expectations (~> 2.5.0)
      rspec-mocks (~> 2.5.0)
    rspec-core (2.5.1)
    rspec-expectations (2.5.0)
      diff-lcs (~> 1.1.2)
    rspec-mocks (2.5.0)
    simplecov (0.4.2)
      simplecov-html (~> 0.4.4)
    simplecov-html (0.4.4)
    syntax (1.0.0)
    webmock (1.6.2)
      addressable (>= 2.2.2)
      crack (>= 0.1.7)
    yard (0.6.8)

PLATFORMS
  ruby

DEPENDENCIES
  USASearch!
  ZenTest (~> 4.4)
  bundler (~> 1.0)
  json (~> 1.4)
  maruku (~> 0.6)
  nokogiri (~> 1.4)
  rake (~> 0.8)
  rspec (~> 2.1)
  simplecov (~> 0.3)
  webmock (~> 1.5)
  yard (~> 0.6)
